GEM
  remote: https://rubygems.org/
  specs:
    em-websocket (0.5.1)
      eventmachine (>= 0.12.9)
      http_parser.rb (~> 0.6.0)
    eventmachine (1.0.7)
    faker (1.4.3)
      i18n (~> 0.5)
    http_parser.rb (0.6.0)
    i18n (0.7.0)

PLATFORMS
  ruby

DEPENDENCIES
  em-websocket
  faker
